GEM
  remote: http://rubygems.org/
  specs:
    haml (3.0.18)
    json_pure (1.4.6)
    postgres (0.7.9.2008.01.28)
    rack (1.2.1)
    sinatra (1.0)
      rack (>= 1.0)
    unicorn (1.1.3)
      rack

PLATFORMS
  ruby

DEPENDENCIES
  bundler
  haml
  json_pure
  postgres
  sinatra
  unicorn
